PATH
  remote: .
  specs:
    Alamotion (0.0)

GEM
  remote: https://rubygems.org/
  specs:
    rake (12.0.0)

PLATFORMS
  ruby

DEPENDENCIES
  Alamotion!
  rake

BUNDLED WITH
   1.15.0
